PATH
  remote: .
  specs:
    mech (0.1.0)
      ruby-sdl2 (~> 0.3)

GEM
  remote: http://rubygems.org/
  specs:
    diff-lcs (1.3)
    rake (10.5.0)
    rspec (3.5.0)
      rspec-core (~> 3.5.0)
      rspec-expectations (~> 3.5.0)
      rspec-mocks (~> 3.5.0)
    rspec-core (3.5.4)
      rspec-support (~> 3.5.0)
    rspec-expectations (3.5.0)
      diff-lcs (>= 1.2.0, < 2.0)
      rspec-support (~> 3.5.0)
    rspec-mocks (3.5.0)
      diff-lcs (>= 1.2.0, < 2.0)
      rspec-support (~> 3.5.0)
    rspec-support (3.5.0)
    ruby-sdl2 (0.3.1)

PLATFORMS
  ruby

DEPENDENCIES
  bundler (~> 1.7)
  mech!
  rake (~> 10.0)
  rspec (~> 3.0)
